GEM
  remote: http://rubygems.org/
  specs:
    bond (0.5.1)
    childprocess (0.5.9)
      ffi (~> 1.0, >= 1.0.11)
    coderay (1.1.0)
    colorize (0.7.7)
    crack (0.4.3)
      safe_yaml (~> 1.0.0)
    daemons (1.2.3)
    diff-lcs (1.2.5)
    eventmachine (1.0.8)
    faraday (0.9.2)
      multipart-post (>= 1.2, < 3)
    ffi (1.9.10)
    ffi (1.9.10-x64-mingw32)
    git (1.3.0)
    jasmine (2.4.0)
      jasmine-core (~> 2.4)
      phantomjs
      rack (>= 1.2.1)
      rake
    jasmine-core (2.4.1)
    learn-test (2.1.2)
      colorize
      crack
      faraday (~> 0.9)
      git (~> 1.2)
      jasmine
      netrc
      oj (~> 2.9)
      rainbow (= 1.99.2)
      rspec (~> 3.0)
      selenium-webdriver (~> 2.52.0)
      webrick (~> 1.3.1)
    method_source (0.8.2)
    multi_json (1.11.2)
    multipart-post (2.0.0)
    netrc (0.11.0)
    oj (2.15.0)
    phantomjs (2.1.1.0)
    pry (0.10.3)
      coderay (~> 1.1.0)
      method_source (~> 0.8.1)
      slop (~> 3.4)
    rack (1.6.4)
    rack-protection (1.5.3)
      rack
    rack-test (0.6.3)
      rack (>= 1.0)
    rainbow (1.99.2)
    rake (10.5.0)
    require_all (1.3.3)
    ripl (0.7.1)
      bond (~> 0.5.1)
    ripl-multi_line (0.3.1)
      ripl (>= 0.3.6)
    ripl-rack (0.2.1)
      rack (>= 1.0)
      rack-test (~> 0.6.2)
      ripl (>= 0.7.0)
    rspec (3.4.0)
      rspec-core (~> 3.4.0)
      rspec-expectations (~> 3.4.0)
      rspec-mocks (~> 3.4.0)
    rspec-core (3.4.2)
      rspec-support (~> 3.4.0)
    rspec-expectations (3.4.0)
      diff-lcs (>= 1.2.0, < 2.0)
      rspec-support (~> 3.4.0)
    rspec-mocks (3.4.1)
      diff-lcs (>= 1.2.0, < 2.0)
      rspec-support (~> 3.4.0)
    rspec-support (3.4.1)
    rubyzip (1.2.0)
    safe_yaml (1.0.4)
    selenium-webdriver (2.52.0)
      childprocess (~> 0.5)
      multi_json (~> 1.0)
      rubyzip (~> 1.0)
      websocket (~> 1.0)
    shotgun (0.9.1)
      rack (>= 1.0)
    sinatra (1.4.7)
      rack (~> 1.5)
      rack-protection (~> 1.4)
      tilt (>= 1.3, < 3)
    slop (3.6.0)
    thin (1.6.4)
      daemons (~> 1.0, >= 1.0.9)
      eventmachine (~> 1.0, >= 1.0.4)
      rack (~> 1.0)
    tilt (2.0.2)
    tux (0.3.0)
      ripl (>= 0.3.5)
      ripl-multi_line (>= 0.2.4)
      ripl-rack (>= 0.2.0)
      sinatra (>= 1.2.1)
    webrick (1.3.1)
    websocket (1.2.2)

PLATFORMS
  ruby
  x64-mingw32

DEPENDENCIES
  learn-test
  pry
  rack-test
  rake
  require_all
  rspec
  shotgun
  sinatra
  thin
  tux

BUNDLED WITH
   1.11.2
